PATH
  remote: ../ruby-on-rulers
  specs:
    rulers (0.6.0)
      erubis
      multi_json
      rack
      require_all

GEM
  remote: https://rubygems.org/
  specs:
    erubis (2.7.0)
    multi_json (1.8.0)
    rack (1.5.2)
    require_all (1.3.0)

PLATFORMS
  ruby

DEPENDENCIES
  rulers!
