PATH
  remote: ../ruby-on-rulers
  specs:
    rulers (0.7.1)
      erubis
      multi_json
      rack
      require_all
      sqlite3

GEM
  remote: https://rubygems.org/
  specs:
    erubis (2.7.0)
    multi_json (1.8.0)
    rack (1.5.2)
    require_all (1.3.1)
    sqlite3 (1.3.8)

PLATFORMS
  ruby

DEPENDENCIES
  rulers!
